GIT
  remote: git://github.com/IOMUSE/Uriversal.git
  revision: 4749a5792e31297ad51b148232efa1db52bd3cea
  specs:
    uriversal (0.0.1.pre1)
      activesupport
      i18n
      nokogiri

GEM
  remote: http://rubygems.org/
  specs:
    activesupport (3.1.3)
      multi_json (~> 1.0)
    i18n (0.6.0)
    multi_json (1.0.4)
    nokogiri (1.5.0)

PLATFORMS
  ruby

DEPENDENCIES
  uriversal!
