GIT
  remote: git://github.com/IOMUSE/Uriversal.git
  revision: 249dfc1b4ec7050665965afe32f6004825e327ab
  specs:
    uriversal (0.0.1.pre1)
      activesupport
      i18n
      nokogiri

GEM
  specs:
    activesupport (3.1.3)
      multi_json (~> 1.0)
    i18n (0.6.0)
    multi_json (1.0.4)
    nokogiri (1.5.0)

PLATFORMS
  ruby

DEPENDENCIES
  uriversal!
